GEM
  remote: http://rubygems.org/
  specs:
    bson (1.2.4)
    bson_ext (1.2.4)
    dalli (1.0.2)
    json (1.5.1)
    mongo (1.2.4)
      bson (>= 1.2.4)
    mongo_ext (0.19.3)
    oauth (0.4.4)
    rack (1.2.1)
    rubytter (1.4.2)
      json (>= 1.1.3)
      oauth (>= 0.3.6)
    sinatra (1.2.0)
      rack (~> 1.1)
      tilt (>= 1.2.2, < 2.0)
    tilt (1.2.2)

PLATFORMS
  ruby

DEPENDENCIES
  bson_ext
  dalli
  mongo
  mongo_ext
  oauth
  rubytter
  sinatra
